GIT
  remote: git://github.com/arangamani/gems.git
  revision: fd76f29bc611798a927a7bcc0b664ae345d84e86
  specs:
    gems (0.7.1)

GEM
  remote: https://rubygems.org/
  specs:
    addressable (2.3.4)
    bacon (1.2.0)
    cinch (2.0.4)
    coderay (1.0.9)
    faraday (0.8.7)
      multipart-post (~> 1.1)
    faraday_middleware (0.9.0)
      faraday (>= 0.7.4, < 0.9)
    hashie (2.0.4)
    method_source (0.8.1)
    multi_json (1.7.2)
    multipart-post (1.2.0)
    netrc (0.7.7)
    octokit (1.24.0)
      addressable (~> 2.2)
      faraday (~> 0.8)
      faraday_middleware (~> 0.9)
      hashie (~> 2.0)
      multi_json (~> 1.3)
      netrc (~> 0.7.7)
    pry (0.9.12.1)
      coderay (~> 1.0.5)
      method_source (~> 0.8)
      slop (~> 3.4)
    rake (10.0.4)
    sequel (3.46.0)
    slop (3.4.4)
    sqlite3 (1.3.7)

PLATFORMS
  ruby

DEPENDENCIES
  bacon
  cinch
  gems!
  octokit
  pry
  rake
  sequel
  sqlite3
