GIT
  remote: git://github.com/arangamani/gems.git
  revision: fd76f29bc611798a927a7bcc0b664ae345d84e86
  specs:
    gems (0.7.1)

GEM
  remote: https://rubygems.org/
  specs:
    addressable (2.3.4)
    bacon (1.2.0)
    cinch (2.0.4)
    coderay (1.0.9)
    domain_name (0.5.13)
      unf (>= 0.0.5, < 1.0.0)
    dotenv (0.8.0)
    excon (0.25.3)
    faraday (0.8.7)
      multipart-post (~> 1.1)
    faraday_middleware (0.9.0)
      faraday (>= 0.7.4, < 0.9)
    foreman (0.63.0)
      dotenv (>= 0.7)
      thor (>= 0.13.6)
    hashie (2.0.4)
    heroku (2.39.5)
      heroku-api (~> 0.3.7)
      launchy (>= 0.3.2)
      netrc (~> 0.7.7)
      rest-client (~> 1.6.1)
      rubyzip
    heroku-api (0.3.14)
      excon (~> 0.25.1)
    http-cookie (1.0.2)
      domain_name (~> 0.5)
    launchy (2.3.0)
      addressable (~> 2.3)
    mechanize (2.7.2)
      domain_name (~> 0.5, >= 0.5.1)
      http-cookie (~> 1.0.0)
      mime-types (~> 1.17, >= 1.17.2)
      net-http-digest_auth (~> 1.1, >= 1.1.1)
      net-http-persistent (~> 2.5, >= 2.5.2)
      nokogiri (~> 1.4)
      ntlm-http (~> 0.1, >= 0.1.1)
      webrobots (>= 0.0.9, < 0.2)
    method_source (0.8.1)
    mime-types (1.23)
    mini_portile (0.5.1)
    multi_json (1.7.2)
    multipart-post (1.2.0)
    net-http-digest_auth (1.4)
    net-http-persistent (2.9)
    netrc (0.7.7)
    nokogiri (1.6.0)
      mini_portile (~> 0.5.0)
    ntlm-http (0.1.1)
    octokit (1.24.0)
      addressable (~> 2.2)
      faraday (~> 0.8)
      faraday_middleware (~> 0.9)
      hashie (~> 2.0)
      multi_json (~> 1.3)
      netrc (~> 0.7.7)
    pg (0.16.0)
    pry (0.9.12.1)
      coderay (~> 1.0.5)
      method_source (~> 0.8)
      slop (~> 3.4)
    rake (10.0.4)
    rest-client (1.6.7)
      mime-types (>= 1.16)
    rubyzip (0.9.9)
    sequel (3.46.0)
    slop (3.4.4)
    thor (0.18.1)
    unf (0.1.2)
      unf_ext
    unf_ext (0.0.6)
    webrobots (0.1.1)

PLATFORMS
  ruby

DEPENDENCIES
  bacon
  cinch
  foreman
  gems!
  heroku
  mechanize
  octokit
  pg
  pry
  rake
  sequel
