GIT
  remote: git://github.com/arangamani/gems.git
  revision: fd76f29bc611798a927a7bcc0b664ae345d84e86
  specs:
    gems (0.7.1)

GEM
  remote: https://rubygems.org/
  specs:
    addressable (2.3.6)
    bacon (1.2.0)
    buftok (0.2.0)
    cinch (2.0.12)
    cinch-cooldown (1.1.3)
      cinch (~> 2.0.12)
      time-lord (~> 1.0.1)
    cinch-seen (1.0.3)
      cinch (~> 2.0.12)
      cinch-cooldown (~> 1.1.1)
      cinch-storage (~> 1.1.0)
      cinch-toolbox (~> 1.1.0)
      time-lord (~> 1.0.1)
    cinch-storage (1.1.0)
      cinch (~> 2.0.12)
      psych (~> 1.3.4)
    cinch-toolbox (1.1.3)
      nokogiri (~> 1.6.0)
      patron (~> 0.4.18)
    coderay (1.1.0)
    domain_name (0.5.19)
      unf (>= 0.0.5, < 1.0.0)
    dotenv (0.11.1)
      dotenv-deployment (~> 0.0.2)
    dotenv-deployment (0.0.2)
    equalizer (0.0.9)
    excon (0.37.0)
    faraday (0.9.0)
      multipart-post (>= 1.2, < 3)
    foreman (0.71.0)
      dotenv (~> 0.11.1)
      thor (~> 0.19.1)
    heroku (3.8.3)
      heroku-api (~> 0.3.17)
      launchy (>= 0.3.2)
      netrc (~> 0.7.7)
      rest-client (~> 1.6.1)
      rubyzip
    heroku-api (0.3.18)
      excon (~> 0.27)
      multi_json (~> 1.8)
    http (0.6.1)
      http_parser.rb (~> 0.6.0)
    http-cookie (1.0.2)
      domain_name (~> 0.5)
    http_parser.rb (0.6.0)
    json (1.8.1)
    launchy (2.4.2)
      addressable (~> 2.3)
    mechanize (2.7.3)
      domain_name (~> 0.5, >= 0.5.1)
      http-cookie (~> 1.0)
      mime-types (~> 2.0)
      net-http-digest_auth (~> 1.1, >= 1.1.1)
      net-http-persistent (~> 2.5, >= 2.5.2)
      nokogiri (~> 1.4)
      ntlm-http (~> 0.1, >= 0.1.1)
      webrobots (>= 0.0.9, < 0.2)
    memoizable (0.4.2)
      thread_safe (~> 0.3, >= 0.3.1)
    method_source (0.8.2)
    mime-types (2.3)
    mini_portile (0.6.0)
    multi_json (1.10.1)
    multipart-post (2.0.0)
    naught (1.0.0)
    net-http-digest_auth (1.4)
    net-http-persistent (2.9.4)
    netrc (0.7.7)
    nokogiri (1.6.2.1)
      mini_portile (= 0.6.0)
    ntlm-http (0.1.1)
    octokit (3.1.2)
      sawyer (~> 0.5.3)
    patron (0.4.18)
    pg (0.17.1)
    pry (0.10.0)
      coderay (~> 1.1.0)
      method_source (~> 0.8.1)
      slop (~> 3.4)
    psych (1.3.4)
    rake (10.3.2)
    rest-client (1.6.7)
      mime-types (>= 1.16)
    rubyzip (1.1.4)
    sawyer (0.5.4)
      addressable (~> 2.3.5)
      faraday (~> 0.8, < 0.10)
    sequel (4.11.0)
    simple_oauth (0.2.0)
    slop (3.5.0)
    thor (0.19.1)
    thread_safe (0.3.4)
    time-lord (1.0.1)
    twitter (5.10.0)
      addressable (~> 2.3)
      buftok (~> 0.2.0)
      equalizer (~> 0.0.9)
      faraday (~> 0.9.0)
      http (~> 0.6.0)
      http_parser.rb (~> 0.6.0)
      json (~> 1.8)
      memoizable (~> 0.4.0)
      naught (~> 1.0)
      simple_oauth (~> 0.2.0)
    unf (0.1.4)
      unf_ext
    unf_ext (0.0.6)
    webrobots (0.1.1)

PLATFORMS
  ruby

DEPENDENCIES
  bacon
  cinch
  cinch-seen
  foreman
  gems!
  heroku
  mechanize
  octokit
  pg
  pry
  rake
  sequel
  twitter
