GIT
  remote: git://github.com/arangamani/gems.git
  revision: fd76f29bc611798a927a7bcc0b664ae345d84e86
  specs:
    gems (0.7.1)

GEM
  remote: https://rubygems.org/
  specs:
    bacon (1.2.0)
    cinch (2.0.4)
    coderay (1.0.9)
    method_source (0.8.1)
    pry (0.9.12.1)
      coderay (~> 1.0.5)
      method_source (~> 0.8)
      slop (~> 3.4)
    rake (10.0.4)
    sequel (3.46.0)
    slop (3.4.4)
    sqlite3 (1.3.7)

PLATFORMS
  ruby

DEPENDENCIES
  bacon
  cinch
  gems!
  pry
  rake
  sequel
  sqlite3
